GEM
  remote: http://rubygems.org/
  specs:
    charlock_holmes (0.7.5)
    dotenv (2.2.1)
    escape_utils (1.1.1)
    github-linguist (5.3.2)
      charlock_holmes (~> 0.7.5)
      escape_utils (~> 1.1.0)
      mime-types (>= 1.19)
      rugged (>= 0.25.1)
    mime-types (3.1)
      mime-types-data (~> 3.2015)
    mime-types-data (3.2016.0521)
    rugged (0.26.0)

PLATFORMS
  ruby

DEPENDENCIES
  dotenv (~> 2.1, >= 2.1.1)
  github-linguist (~> 5.3, >= 5.3.2)

BUNDLED WITH
   1.13.6
